PATH
  remote: .
  specs:
    reve (0.1.3)
      hpricot (= 0.8.6)

GEM
  remote: https://rubygems.org/
  specs:
    docile (1.1.1)
    hpricot (0.8.6)
    multi_json (1.8.2)
    power_assert (0.2.2)
    rake (10.4.2)
    simplecov (0.8.2)
      docile (~> 1.1.0)
      multi_json
      simplecov-html (~> 0.8.0)
    simplecov-html (0.8.0)
    test-unit (3.0.9)
      power_assert

PLATFORMS
  ruby

DEPENDENCIES
  bundler (~> 1.5)
  rake
  reve!
  simplecov
  test-unit
